GEM
  remote: http://rubygems.org/
  specs:
    haml (3.1.1)
    rack (1.3.0)
    shotgun (0.9)
      rack (>= 1.0)
    sinatra (1.2.6)
      rack (~> 1.1)
      tilt (>= 1.2.2, < 2.0)
    tilt (1.3.2)

PLATFORMS
  ruby

DEPENDENCIES
  haml
  shotgun
  sinatra
