GEM
  remote: http://rubygems.org/
  specs:
    rack (1.4.1)
    shotgun (0.9)
      rack (>= 1.0)

PLATFORMS
  ruby

DEPENDENCIES
  rack
  shotgun
