GEM
  remote: http://rubygems.org/
  specs:
    haml (3.1.4)
    rack (1.4.1)
    shotgun (0.9)
      rack (>= 1.0)

PLATFORMS
  ruby

DEPENDENCIES
  haml
  rack
  shotgun
