GEM
  remote: http://rubygems.org/
  specs:
    haml (3.0.18)
    rack (1.2.1)
    sinatra (1.0)
      rack (>= 1.0)

PLATFORMS
  ruby

DEPENDENCIES
  haml
  sinatra
